PATH
  remote: .
  specs:
    sassc (0.1.3)
      ffi
      rake-compiler

GEM
  remote: https://rubygems.org/
  specs:
    ffi (1.9.3)
    rake (10.3.2)
    rake-compiler (0.9.2)
      rake

PLATFORMS
  ruby

DEPENDENCIES
  sassc!
